{
    "Modality": "MR",
    "MagneticFieldStrength": 7,
    "ImagingFrequency": 297.222,
    "Manufacturer": "Siemens",
    "ManufacturersModelName": "Terra",
    "InstitutionName": "TIC Sitem Bern",
    "InstitutionalDepartmentName": "Radiologie 2. UG",
    "InstitutionAddress": "Freiburgstrasse 18,Bern,District,CH,3010",
    "DeviceSerialNumber": "79119",
    "StationName": "AWP79119",
    "BodyPartExamined": "BRAIN",
    "PatientPosition": "HFS",
    "ProcedureStepDescription": "MR Sch\u00e4del Forschung",
    "SoftwareVersions": "syngo MR E12",
    "MRAcquisitionType": "2D",
    "SeriesDescription": "Bold_0.8mm_iso_TR2120_run2",
    "ProtocolName": "Bold_0.8mm_iso_TR2120_run2",
    "ScanningSequence": "EP",
    "SequenceVariant": "SK",
    "ScanOptions": "PFP\\FS",
    "SequenceName": "*epfid2d1_200",
    "ImageType": [
        "ORIGINAL",
        "PRIMARY",
        "M",
        "ND",
        "MOSAIC"
    ],
    "SeriesNumber": 13,
    "AcquisitionTime": "13:44:51.845000",
    "AcquisitionNumber": 1,
    "SliceThickness": 0.8,
    "SpacingBetweenSlices": 0.8,
    "SAR": 0.0652205,
    "EchoTime": 0.024,
    "RepetitionTime": 2.12,
    "FlipAngle": 70,
    "PartialFourier": 0.75,
    "BaseResolution": 256,
    "ShimSetting": [
        239,
        -2045,
        852,
        1362,
        -341,
        1311,
        1948,
        -89
    ],
    "TxRefAmp": 221.154,
    "PhaseResolution": 1,
    "ReceiveCoilName": "1Tx32Rx_Head",
    "ReceiveCoilActiveElements": "A32",
    "PulseSequenceDetails": "%SiemensSeq%\\ep2d_bold",
    "RefLinesPE": 126,
    "ConsistencyInfo": "N4_VE12U_LATEST_20181126",
    "PercentPhaseFOV": 78.125,
    "PercentSampling": 100,
    "EchoTrainLength": 50,
    "PhaseEncodingSteps": 150,
    "AcquisitionMatrixPE": 200,
    "ReconMatrixPE": 200,
    "BandwidthPerPixelPhaseEncode": 14.423,
    "ParallelReductionFactorInPlane": 3,
    "EffectiveEchoSpacing": 0.000346669,
    "DerivedVendorReportedEchoSpacing": 0.00104001,
    "TotalReadoutTime": 0.068987,
    "PixelBandwidth": 1395,
    "DwellTime": 1.4e-06,
    "PhaseEncodingDirection": "j-",
    "SliceTiming": [
        1.06,
        0,
        1.135,
        0.075,
        1.2125,
        0.1525,
        1.2875,
        0.2275,
        1.3625,
        0.3025,
        1.44,
        0.38,
        1.515,
        0.455,
        1.59,
        0.53,
        1.665,
        0.605,
        1.7425,
        0.6825,
        1.8175,
        0.7575,
        1.8925,
        0.8325,
        1.97,
        0.91,
        2.045,
        0.985
    ],
    "ImageOrientationPatientDICOM": [
        0.995939,
        0.0886671,
        -0.0155944,
        -0.0717392,
        0.886275,
        0.457569
    ],
    "InPlanePhaseEncodingDirectionDICOM": "COL",
    "ConversionSoftware": "dcm2niix",
    "ConversionSoftwareVersion": "v1.0.20210317",
    "TaskName": "consolidation"
}