{
    "Modality": "MR",
    "MagneticFieldStrength": 7,
    "ImagingFrequency": 297.223,
    "Manufacturer": "Siemens",
    "ManufacturersModelName": "Terra",
    "InstitutionName": "DIN",
    "InstitutionalDepartmentName": "Radiologie 2. UG",
    "InstitutionAddress": "Freiburgstrasse 18,Bern,District,CH,3010",
    "DeviceSerialNumber": "79119",
    "StationName": "AWP79119",
    "BodyPartExamined": "BRAIN",
    "PatientPosition": "HFS",
    "ProcedureStepDescription": "MR Sch\u00e4del Forschung",
    "SoftwareVersions": "syngo MR E12",
    "MRAcquisitionType": "2D",
    "SeriesDescription": "Bold_0.8mm_iso_TR2120_run3",
    "ProtocolName": "Bold_0.8mm_iso_TR2120_run3",
    "ScanningSequence": "EP",
    "SequenceVariant": "SK",
    "ScanOptions": "PFP\\FS",
    "SequenceName": "*epfid2d1_200",
    "ImageType": [
        "ORIGINAL",
        "PRIMARY",
        "M",
        "ND",
        "MOSAIC"
    ],
    "SeriesNumber": 14,
    "AcquisitionTime": "13:54:13.182500",
    "AcquisitionNumber": 1,
    "SliceThickness": 0.8,
    "SpacingBetweenSlices": 0.8,
    "SAR": 0.0826928,
    "EchoTime": 0.024,
    "RepetitionTime": 2.12,
    "FlipAngle": 70,
    "PartialFourier": 0.75,
    "BaseResolution": 256,
    "ShimSetting": [
        203,
        -1938,
        819,
        835,
        379,
        1101,
        1227,
        230
    ],
    "TxRefAmp": 204.781,
    "PhaseResolution": 1,
    "ReceiveCoilName": "1Tx32Rx_Head",
    "ReceiveCoilActiveElements": "A32",
    "PulseSequenceDetails": "%SiemensSeq%\\ep2d_bold",
    "RefLinesPE": 126,
    "ConsistencyInfo": "N4_VE12U_LATEST_20181126",
    "PercentPhaseFOV": 78.125,
    "PercentSampling": 100,
    "EchoTrainLength": 50,
    "PhaseEncodingSteps": 150,
    "AcquisitionMatrixPE": 200,
    "ReconMatrixPE": 200,
    "BandwidthPerPixelPhaseEncode": 14.423,
    "ParallelReductionFactorInPlane": 3,
    "EffectiveEchoSpacing": 0.000346669,
    "DerivedVendorReportedEchoSpacing": 0.00104001,
    "TotalReadoutTime": 0.068987,
    "PixelBandwidth": 1395,
    "DwellTime": 1.4e-06,
    "PhaseEncodingDirection": "j-",
    "SliceTiming": [
        1.06,
        0,
        1.135,
        0.075,
        1.21,
        0.15,
        1.2875,
        0.2275,
        1.3625,
        0.3025,
        1.4375,
        0.3775,
        1.5125,
        0.4525,
        1.59,
        0.53,
        1.665,
        0.605,
        1.74,
        0.68,
        1.815,
        0.7575,
        1.8925,
        0.8325,
        1.9675,
        0.9075,
        2.0425,
        0.9825
    ],
    "ImageOrientationPatientDICOM": [
        0.99918,
        0.0400375,
        -0.0060912,
        -0.0327971,
        0.888207,
        0.458271
    ],
    "InPlanePhaseEncodingDirectionDICOM": "COL",
    "ConversionSoftware": "dcm2niix",
    "ConversionSoftwareVersion": "v1.0.20210317",
    "TaskName": "retrieval"
}